GIT
  remote: git://github.com/celluloid/reel.git
  revision: 2bf6b37a89abe4f08f116677323e5fab7512fb4e
  branch: 0.6.0-milestone
  specs:
    reel (0.6.0.pre2)
      celluloid (>= 0.15.1)
      celluloid-io (>= 0.15.0)
      http (>= 0.6.0.pre)
      http_parser.rb (>= 0.6.0)
      websocket-driver (>= 0.5.1)

GIT
  remote: git://github.com/kenichi/angelo.git
  revision: 7227d12ab7b3250cda6e43ec91a01d0701a9b5d7
  branch: reel_0.6
  specs:
    angelo (0.5.0pre)
      mime-types (~> 2.4)
      mustermann (~> 0.4)
      reel (= 0.6.0.pre2)
      tilt (~> 2.0)

GEM
  remote: https://rubygems.org/
  specs:
    addressable (2.3.8)
    awesome_print (1.6.1)
    celluloid (0.16.0)
      timers (~> 4.0.0)
    celluloid-io (0.16.2)
      celluloid (>= 0.16.0)
      nio4r (>= 1.1.0)
    celluloid-redis (0.0.2)
      celluloid-io (>= 0.13.0.pre)
      redis
    cinch (2.2.5)
    coderay (1.1.0)
    connection_pool (2.2.0)
    daemons (1.2.2)
    hitimes (1.2.2)
    http (0.8.4)
      addressable (~> 2.3)
      http-form_data (~> 1.0.1)
      http_parser.rb (~> 0.6.0)
    http-form_data (1.0.1)
    http_parser.rb (0.6.0)
    method_source (0.8.2)
    mime-types (2.5)
    mustermann (0.4.0)
      tool (~> 0.2)
    nio4r (1.1.0)
    pry (0.10.1)
      coderay (~> 1.1.0)
      method_source (~> 0.8.1)
      slop (~> 3.4)
    redis (3.2.1)
    redis-namespace (1.5.2)
      redis (~> 3.0, >= 3.0.4)
    slop (3.6.0)
    tilt (2.0.1)
    timers (4.0.1)
      hitimes
    tool (0.2.3)
    websocket-driver (0.5.4)
      websocket-extensions (>= 0.1.0)
    websocket-extensions (0.1.2)

PLATFORMS
  ruby

DEPENDENCIES
  angelo!
  awesome_print
  celluloid-redis
  cinch
  connection_pool
  daemons
  http
  pry
  redis
  redis-namespace
  reel!
